GIT
  remote: git://github.com/jhoneto/bootstrap-rails.git
  revision: f937e62784b260a1a925e8d9b5ba9bd772838fb7
  specs:
    bootstrap-rails (0.1.1)

GEM
  remote: http://rubygems.org/
  specs:
    abstract (1.0.0)
    actionmailer (3.0.9)
      actionpack (= 3.0.9)
      mail (~> 2.2.19)
    actionpack (3.0.9)
      activemodel (= 3.0.9)
      activesupport (= 3.0.9)
      builder (~> 2.1.2)
      erubis (~> 2.6.6)
      i18n (~> 0.5.0)
      rack (~> 1.2.1)
      rack-mount (~> 0.6.14)
      rack-test (~> 0.5.7)
      tzinfo (~> 0.3.23)
    activemodel (3.0.9)
      activesupport (= 3.0.9)
      builder (~> 2.1.2)
      i18n (~> 0.5.0)
    activerecord (3.0.9)
      activemodel (= 3.0.9)
      activesupport (= 3.0.9)
      arel (~> 2.0.10)
      tzinfo (~> 0.3.23)
    activeresource (3.0.9)
      activemodel (= 3.0.9)
      activesupport (= 3.0.9)
    activesupport (3.0.9)
    arel (2.0.10)
    builder (2.1.2)
    cancan (1.6.5)
    clearance (0.12.0)
      diesel (~> 0.1.4)
      rails (>= 3.0)
    cocaine (0.2.1)
    diesel (0.1.5)
      railties
    erubis (2.6.6)
      abstract (>= 1.0.0)
    formtastic (1.2.4)
      actionpack (>= 2.3.7)
      activesupport (>= 2.3.7)
      i18n (~> 0.4)
    i18n (0.5.0)
    jqgrid_for_rails (1.0.1)
      will_paginate
    jquery-rails (1.0.12)
      railties (~> 3.0)
      thor (~> 0.14)
    lazy_high_charts (1.1.5)
      bundler (~> 1.0)
    mail (2.2.19)
      activesupport (>= 2.3.6)
      i18n (>= 0.4.0)
      mime-types (~> 1.16)
      treetop (~> 1.4.8)
    mime-types (1.16)
    paper_trail (2.5.0)
      rails (~> 3)
    paperclip (2.4.5)
      activerecord (>= 2.3.0)
      activesupport (>= 2.3.2)
      cocaine (>= 0.0.2)
      mime-types
    pg (0.11.0)
    polyglot (0.3.1)
    rack (1.2.3)
    rack-mount (0.6.14)
      rack (>= 1.0.0)
    rack-test (0.5.7)
      rack (>= 1.0)
    rails (3.0.9)
      actionmailer (= 3.0.9)
      actionpack (= 3.0.9)
      activerecord (= 3.0.9)
      activeresource (= 3.0.9)
      activesupport (= 3.0.9)
      bundler (~> 1.0)
      railties (= 3.0.9)
    railties (3.0.9)
      actionpack (= 3.0.9)
      activesupport (= 3.0.9)
      rake (>= 0.8.7)
      rdoc (~> 3.4)
      thor (~> 0.14.4)
    rake (0.9.2.2)
    rdoc (3.8)
    thor (0.14.6)
    treetop (1.4.9)
      polyglot (>= 0.3.1)
    tzinfo (0.3.29)
    web-app-theme (0.7.0)
    will_paginate (3.0.0)

PLATFORMS
  ruby

DEPENDENCIES
  bootstrap-rails!
  cancan (~> 1.6.5)
  clearance (~> 0.12.0)
  formtastic (~> 1.2.4)
  jqgrid_for_rails (~> 1.0.1)
  jquery-rails (~> 1.0.12)
  lazy_high_charts
  paper_trail (~> 2.5.0)
  paperclip (~> 2.4.5)
  pg (~> 0.11.0)
  rails (= 3.0.9)
  rake (~> 0.9.2)
  web-app-theme (>= 0.7.0)
  will_paginate (~> 3.0.0)
